RESTRICTION: == net451
NUGET
  remote: https://www.nuget.org/api/v2
    Autofac (3.5.2)
    Autofac.Owin (3.1)
      Autofac (>= 3.5 < 4.0)
      Microsoft.Owin (>= 3.0 < 4.0)
    Autofac.WebApi2 (3.4)
      Autofac (>= 3.5 < 4.0)
      Microsoft.AspNet.WebApi.Core (>= 5.2 < 6.0)
    Autofac.WebApi2.Owin (3.3)
      Autofac (>= 3.5 < 4.0)
      Autofac.Owin (>= 3.1 < 4.0)
      Autofac.WebApi2 (>= 3.4 < 4.0)
      Microsoft.AspNet.WebApi.Owin (>= 5.2)
    Castle.Core (3.3.3)
    Dapper (1.42)
    DiffPlex (1.4.1)
      NETStandard.Library (>= 1.6.1)
    DotNetZip (1.9.8)
    Lextm.SharpSnmpLib (9.0.1)
    Microsoft.AspNet.Cors (5.2.3)
    Microsoft.AspNet.Razor (3.2.3)
    Microsoft.AspNet.WebApi.Client (5.2.3)
      Newtonsoft.Json (>= 6.0.4)
    Microsoft.AspNet.WebApi.Core (5.2.3)
      Microsoft.AspNet.WebApi.Client (>= 5.2.3)
    Microsoft.AspNet.WebApi.Cors (5.2.3)
      Microsoft.AspNet.Cors (>= 5.2.3)
      Microsoft.AspNet.WebApi.Core (>= 5.2.3 < 5.3)
    Microsoft.AspNet.WebApi.Owin (5.2.3)
      Microsoft.AspNet.WebApi.Core (>= 5.2.3 < 5.3)
      Microsoft.Owin (>= 2.0.2)
      Owin (>= 1.0)
    Microsoft.AspNet.WebPages (3.2.3)
      Microsoft.AspNet.Razor (>= 3.2.3 < 3.3)
      Microsoft.Web.Infrastructure (>= 1.0)
    Microsoft.Diagnostics.Runtime (0.8.27-beta)
    Microsoft.NETCore.Platforms (2.0)
    Microsoft.Owin (3.0.1)
      Owin (>= 1.0)
    Microsoft.Owin.FileSystems (3.0.1)
    Microsoft.Owin.Host.HttpListener (3.0.1)
    Microsoft.Owin.Hosting (3.0.1)
      Microsoft.Owin (>= 3.0.1)
      Owin (>= 1.0)
    Microsoft.Owin.StaticFiles (3.0.1)
      Microsoft.Owin (>= 3.0.1)
      Microsoft.Owin.FileSystems (>= 3.0.1)
      Owin (>= 1.0)
    Microsoft.Owin.Testing (3.0.1)
      Microsoft.Owin.Hosting (>= 3.0.1)
      Owin (>= 1.0)
    Microsoft.Tpl.Dataflow (4.5.24)
    Microsoft.Web.Infrastructure (1.0)
    Mono.Posix-4.5 (4.5)
    Moq (4.5.9)
      Castle.Core (>= 3.3.3)
    NETStandard.Library (2.0)
      Microsoft.NETCore.Platforms (>= 1.1)
      System.Runtime.InteropServices.RuntimeInformation (>= 4.3)
    Newtonsoft.Json (6.0.8)
    NLog (4.3.2)
    NUnit (3.2.1)
    NUnit.ConsoleRunner (3.2.1)
    Nustache (1.16.0.1)
    Owin (1.0)
    PacketDotNet (0.16)
    Patterns.Logging (1.0.0.3)
    SharpPcap (4.4)
      PacketDotNet (>= 0.16)
    SocketHttpListener (1.0.0.30)
      Patterns.Logging (>= 1.0.0.2)
    Swashbuckle.Core.Net45 (5.2.1)
      Microsoft.AspNet.WebApi.Client (>= 5.2.2)
      Microsoft.AspNet.WebApi.Core (>= 5.2.2)
      Microsoft.AspNet.WebApi.Cors (>= 5.2.2)
    System.Runtime.InteropServices.RuntimeInformation (4.3)
    TreeViewAdv (1.7)
    vtortola.WebSocketListener (2.2.0.1)
      Microsoft.Tpl.Dataflow (>= 4.5.24)
    WebSocketSharp (1.0.3-rc9)
